PATH
  remote: .
  specs:
    informativos-api (1.1.2)

GEM
  remote: https://rubygems.org/
  specs:

PLATFORMS
  ruby

DEPENDENCIES
  informativos-api!

BUNDLED WITH
   2.1.1
